GIT
  remote: git://github.com/basho/riak-ruby-client.git
  revision: 15a1fcb3cc5adf5365ae7d920cff8f13bc57743c
  ref: 15a1fcb3cc5adf5365ae7d920cff8f13bc57743c
  specs:
    riak-client (1.0.4)
      beefcake (~> 0.3.7)
      builder (>= 2.1.2)
      i18n (>= 0.4.0)
      multi_json (~> 1.0)

GEM
  remote: http://bundler-api.herokuapp.com/
  specs:
    beefcake (0.3.7)
    builder (3.2.0)
    i18n (0.6.4)
    json (1.7.7)
    multi_json (1.7.3)
    rack (1.5.2)
    rack-protection (1.5.0)
      rack
    sinatra (1.4.2)
      rack (~> 1.5, >= 1.5.2)
      rack-protection (~> 1.4)
      tilt (~> 1.3, >= 1.3.4)
    tilt (1.4.1)

PLATFORMS
  ruby

DEPENDENCIES
  json (~> 1.7.7)
  riak-client!
  sinatra
